PATH
  remote: .
  specs:
    logstash-input-mongodb (0.1.1)
      jdbc-sqlite3 (= 3.8.10.1)
      logstash-codec-plain (~> 0)
      logstash-core (>= 1.4.0, < 6.0.0)
      mongo (>= 1.12.2, < 2.0.0)
      sequel (~> 0)
      stud (~> 0)

GEM
  remote: https://rubygems.org/
  specs:
    ParseTree (3.0.9)
      RubyInline (~> 3.9.0)
      sexp_processor (~> 3.2.0)
    RubyInline (3.9.0)
      ZenTest (~> 4.3)
    ZenTest (4.11.0)
    bson (1.12.3-java)
    cabin (0.7.1)
    clamp (0.6.5)
    coderay (1.1.0)
    diff-lcs (1.2.5)
    ffi (1.9.10-java)
    filesize (0.0.4)
    gem_publisher (1.5.0)
    gems (0.8.3)
    i18n (0.6.9)
    insist (1.0.0)
    jdbc-sqlite3 (3.8.10.1)
    jrjackson (0.2.9)
    kramdown (1.8.0)
    logstash-codec-plain (0.1.6)
      logstash-core (>= 1.4.0, < 2.0.0)
    logstash-core (1.5.3-java)
      cabin (~> 0.7.0)
      clamp (~> 0.6.5)
      filesize (= 0.0.4)
      gems (~> 0.8.3)
      i18n (= 0.6.9)
      jrjackson (~> 0.2.9)
      minitar (~> 0.5.4)
      pry (~> 0.10.1)
      stud (~> 0.0.19)
      thread_safe (~> 0.3.5)
      treetop (< 1.5.0)
    logstash-devutils (0.0.15-java)
      gem_publisher
      insist (= 1.0.0)
      kramdown
      minitar
      rake
      rspec (~> 3.1.0)
      stud (>= 0.0.20)
    metaid (1.0)
    method_source (0.8.2)
    minitar (0.5.4)
    mongo (1.12.3)
      bson (= 1.12.3)
    polyglot (0.3.5)
    pry (0.10.1-java)
      coderay (~> 1.1.0)
      method_source (~> 0.8.1)
      slop (~> 3.4)
      spoon (~> 0.0)
    rake (10.4.2)
    rspec (3.1.0)
      rspec-core (~> 3.1.0)
      rspec-expectations (~> 3.1.0)
      rspec-mocks (~> 3.1.0)
    rspec-core (3.1.7)
      rspec-support (~> 3.1.0)
    rspec-expectations (3.1.2)
      diff-lcs (>= 1.2.0, < 2.0)
      rspec-support (~> 3.1.0)
    rspec-mocks (3.1.3)
      rspec-support (~> 3.1.0)
    rspec-support (3.1.2)
    ruby2ruby (1.3.1)
      ruby_parser (~> 2.0)
      sexp_processor (~> 3.0)
    ruby_parser (2.3.1)
      sexp_processor (~> 3.0)
    sequel (0.5.0.2)
      ParseTree (>= 2.1.1)
      RubyInline (>= 3.6.6)
      metaid
      ruby2ruby
    sexp_processor (3.2.0)
    slop (3.6.0)
    spoon (0.0.4)
      ffi
    stud (0.0.20)
    thread_safe (0.3.5-java)
    treetop (1.4.15)
      polyglot
      polyglot (>= 0.3.1)

PLATFORMS
  java

DEPENDENCIES
  logstash-devutils (~> 0)
  logstash-input-mongodb!
